GEM
  remote: https://rubygems.org/
  specs:
    date (3.3.4)
    mini_portile2 (2.8.7)
    nokogiri (1.16.5)
      mini_portile2 (~> 2.8.2)
      racc (~> 1.4)
    nokogiri (1.16.5-x86_64-linux)
      racc (~> 1.4)
    open-uri (0.4.1)
      stringio
      time
      uri
    pg (1.5.6)
    racc (1.8.0)
    stringio (3.1.0)
    time (0.3.0)
      date
    uri (0.13.0)

PLATFORMS
  ruby
  x86_64-linux

DEPENDENCIES
  nokogiri (~> 1.16, >= 1.16.5)
  open-uri (~> 0.4.1)
  pg (~> 1.5, >= 1.5.6)

BUNDLED WITH
   2.5.11
